GEM
  remote: http://rubygems.org/
  specs:
    haml (4.0.7)
      tilt
    mini_portile (0.6.0)
    nokogiri (1.6.3.1)
      mini_portile (= 0.6.0)
    tilt (2.0.1)

PLATFORMS
  ruby

DEPENDENCIES
  haml (= 4.0.7)
  nokogiri (= 1.6.3.1)
